GEM
  remote: http://rubygems.org/
  specs:
    activesupport (3.1.1)
      multi_json (~> 1.0)
    coffee-script (2.2.0)
      coffee-script-source
      execjs
    coffee-script-source (1.1.2)
    execjs (1.2.9)
      multi_json (~> 1.0)
    haml (3.1.3)
    i18n (0.6.0)
    multi_json (1.0.3)
    rack (1.3.5)
    rack-coffee (0.9.1)
      rack
    rack-test (0.6.1)
      rack (>= 1.0)
    sass (3.1.10)
    serve (1.5.1)
      activesupport (~> 3.0)
      i18n
      rack (~> 1.2)
      rack-test (~> 0.5)
      tilt (~> 1.3)
      tzinfo
    tilt (1.3.3)
    tzinfo (0.3.30)

PLATFORMS
  ruby

DEPENDENCIES
  coffee-script
  haml
  rack-coffee
  sass
  serve (= 1.5.1)
